PATH
  remote: .
  specs:
    forward-proxy (0.1.1)

GEM
  remote: https://rubygems.org/
  specs:
    ansi (1.5.0)
    builder (3.2.4)
    docile (1.3.5)
    json (2.5.1)
    minitest (5.14.3)
    minitest-reporters (1.4.2)
      ansi
      builder
      minitest (>= 5.0)
      ruby-progressbar
    rake (12.3.3)
    ruby-progressbar (1.11.0)
    simplecov (0.17.1)
      docile (~> 1.1)
      json (>= 1.8, < 3)
      simplecov-html (~> 0.10.0)
    simplecov-html (0.10.2)

PLATFORMS
  ruby

DEPENDENCIES
  forward-proxy!
  minitest (~> 5.0)
  minitest-reporters
  rake (~> 12.0)
  simplecov

BUNDLED WITH
   2.1.4
